PATH
  remote: .
  specs:
    caruby-core (1.5.5)
      dbd-jdbc
      dbi
      dbi
      fastercsv
      json_pure
      uom

GEM
  remote: http://rubygems.org/
  specs:
    dbd-jdbc (0.1.4)
    dbi (0.4.5)
      deprecated (= 2.0.1)
    deprecated (2.0.1)
    extensional (1.3.1)
    fastercsv (1.5.4)
    json_pure (1.6.1)
    rake (0.9.2)
    uom (1.2.1)
      extensional
    yard (0.7.3)

PLATFORMS
  java

DEPENDENCIES
  bundler
  caruby-core!
  rake
  yard
