PATH
  remote: .
  specs:
    caruby-core (2.1.1)
      bundler
      fastercsv
      jinx (~> 2.1.1)
      jinx-json (~> 2.1.1)
      json_pure
      rack
      rdbi

PATH
  remote: /Users/loneyf/workspace/jinx/core
  specs:
    jinx (2.1.1)
      bundler

PATH
  remote: /Users/loneyf/workspace/jinx/json
  specs:
    jinx-json (2.1.1)
      bundler
      jinx
      json_pure

GEM
  remote: http://rubygems.org/
  specs:
    epoxy (0.3.1)
    fastercsv (1.5.4)
    json_pure (1.6.5)
    methlab (0.1.0)
    rack (1.4.1)
    rake (0.9.2.2)
    rdbi (0.9.1)
      epoxy (>= 0.3.1)
      methlab (>= 0.0.9)
      typelib
    typelib (0.1.0)
    yard (0.7.5)

PLATFORMS
  java

DEPENDENCIES
  caruby-core!
  jinx!
  jinx-json!
  rake
  yard
